GIT
  remote: https://github.com/Tak/fixedqueue
  revision: d3574e561cec2a08c705d753c9249196bc803761
  branch: trunk
  specs:
    fixedqueue (0.1.0)

GIT
  remote: https://github.com/Tak/shortbus
  revision: 8e3ca4dc806eca45793bddf528f0795e496982a9
  branch: trunk
  specs:
    shortbus (0.1.0)
      ruby-dbus

GIT
  remote: https://github.com/Tak/urika
  revision: 8cadac9f42cae58522e247d459b901e53a18cb47
  branch: trunk
  specs:
    urika (0.1.0)

PATH
  remote: .
  specs:
    grue (0.1.0)
      psych
      ruby-duration

GEM
  remote: https://rubygems.org/
  specs:
    activesupport (5.2.1)
      concurrent-ruby (~> 1.0, >= 1.0.2)
      i18n (>= 0.7, < 2)
      minitest (~> 5.1)
      tzinfo (~> 1.1)
    concurrent-ruby (1.0.5)
    diff-lcs (1.3)
    i18n (1.1.0)
      concurrent-ruby (~> 1.0)
    iso8601 (0.12.0)
    minitest (5.11.3)
    psych (3.0.2)
    rake (13.0.1)
    rspec (3.8.0)
      rspec-core (~> 3.8.0)
      rspec-expectations (~> 3.8.0)
      rspec-mocks (~> 3.8.0)
    rspec-core (3.8.0)
      rspec-support (~> 3.8.0)
    rspec-expectations (3.8.1)
      diff-lcs (>= 1.2.0, < 2.0)
      rspec-support (~> 3.8.0)
    rspec-mocks (3.8.0)
      diff-lcs (>= 1.2.0, < 2.0)
      rspec-support (~> 3.8.0)
    rspec-support (3.8.0)
    ruby-dbus (0.16.0)
    ruby-duration (3.2.3)
      activesupport (>= 3.0.0)
      i18n
      iso8601
    thread_safe (0.3.6)
    tzinfo (1.2.5)
      thread_safe (~> 0.1)

PLATFORMS
  ruby

DEPENDENCIES
  bundler (~> 1.16)
  fixedqueue!
  grue!
  rake (~> 13.0)
  rspec (~> 3.0)
  shortbus!
  urika!

BUNDLED WITH
   1.16.4
