GIT
  remote: https://github.com/Tak/fixedqueue
  revision: c19d5aa84e8601203cf3f130e6eb13bb3a88b203
  branch: trunk
  specs:
    fixedqueue (0.1.0)

GIT
  remote: https://github.com/Tak/shortbus
  revision: 97d73b2cfcf5003f1c999ebdbe9fb5205a17759c
  branch: trunk
  specs:
    shortbus (0.1.0)
      ruby-dbus

GIT
  remote: https://github.com/Tak/urika
  revision: 716aeb67368a8809726d8e1436c1bd6bb08fd6df
  branch: trunk
  specs:
    urika (0.1.0)

PATH
  remote: .
  specs:
    grue (0.1.0)
      psych
      ruby-duration

GEM
  remote: https://rubygems.org/
  specs:
    activesupport (7.0.4.1)
      concurrent-ruby (~> 1.0, >= 1.0.2)
      i18n (>= 1.6, < 2)
      minitest (>= 5.1)
      tzinfo (~> 2.0)
    concurrent-ruby (1.1.10)
    diff-lcs (1.4.4)
    i18n (1.12.0)
      concurrent-ruby (~> 1.0)
    iso8601 (0.13.0)
    minitest (5.17.0)
    psych (4.0.1)
    rake (13.0.3)
    rspec (3.10.0)
      rspec-core (~> 3.10.0)
      rspec-expectations (~> 3.10.0)
      rspec-mocks (~> 3.10.0)
    rspec-core (3.10.1)
      rspec-support (~> 3.10.0)
    rspec-expectations (3.10.1)
      diff-lcs (>= 1.2.0, < 2.0)
      rspec-support (~> 3.10.0)
    rspec-mocks (3.10.2)
      diff-lcs (>= 1.2.0, < 2.0)
      rspec-support (~> 3.10.0)
    rspec-support (3.10.2)
    ruby-dbus (0.16.0)
    ruby-duration (3.2.3)
      activesupport (>= 3.0.0)
      i18n
      iso8601
    tzinfo (2.0.5)
      concurrent-ruby (~> 1.0)

PLATFORMS
  ruby

DEPENDENCIES
  bundler (~> 2.1)
  fixedqueue!
  grue!
  rake (~> 13.0)
  rspec (~> 3.0)
  shortbus!
  urika!

BUNDLED WITH
   2.1.4
